RESTRICTION: == net8.0
NUGET
  remote: https://api.nuget.org/v3/index.json
    AWSSDK.Core (3.7.400.45)
    AWSSDK.DynamoDBv2 (3.7.402.9)
      AWSSDK.Core (>= 3.7.400.45 < 4.0)
    Expecto (10.2.1)
      FSharp.Core (>= 7.0.200)
      Mono.Cecil (>= 0.11.4 < 1.0)
    FSharp.Core (8.0.401)
    Mono.Cecil (0.11.6)
    Serilog (4.1)
    Serilog.Sinks.Console (6.0)
      Serilog (>= 4.0)
